GEM
  remote: https://rubygems.org/
  specs:
    concurrent-ruby (1.0.1-java)
    ruby-progressbar (1.7.5)

PLATFORMS
  java

DEPENDENCIES
  concurrent-ruby
  ruby-progressbar

BUNDLED WITH
   1.11.2
